PATH
  remote: .
  specs:
    ojb_view_tool (0.3.0)

GEM
  remote: https://rubygems.org/
  specs:
    rake (10.5.0)

PLATFORMS
  ruby

DEPENDENCIES
  bundler (~> 1.16)
  ojb_view_tool!
  rake (~> 10.0)

BUNDLED WITH
   1.16.3
